Brain Vision Data Exchange Header File Version 1.0
; Data created by the Vision Recorder

[Common Infos]
Codepage=UTF-8
DataFile=ancarosi1.eeg
MarkerFile=ancarosi1.vmrk
DataFormat=BINARY
; Data orientation: MULTIPLEXED=ch1,pt1, ch2,pt1 ...
DataOrientation=MULTIPLEXED
NumberOfChannels=10
; Sampling interval in microseconds
SamplingInterval=4000

[Binary Infos]
BinaryFormat=INT_16

[Channel Infos]
; Each entry: Ch<Channel number>=<Name>,<Reference channel name>,
; <Resolution in "Unit">,<Unit>, Future extensions..
; Fields are delimited by commas, some fields might be omitted (empty).
; Commas in channel names are coded as "\1".
Ch1=EOGI,,0.1,µV
Ch2=EOGd,,0.1,µV
Ch3=F3,,0.1,µV
Ch4=F4,,0.1,µV
Ch5=C3,,0.1,µV
Ch6=C4,,0.1,µV
Ch7=P3,,0.1,µV
Ch8=P4,,0.1,µV
Ch9=EMGi,,0.1,µV
Ch10=EMGd,,0.1,µV

[Comment]

BrainVision Recorder Professional   -   V. 1.21.0004


A m p l i f i e r  S e t u p
============================
Number of channels: 10
Sampling Rate [Hz]: 250
Sampling Interval [µS]: 4000

Channels
--------
#     Name      Phys. Chn.    Resolution / Unit   Low Cutoff [s]   High Cutoff [Hz]   Notch [Hz]    Series Res. [kOhm] Gradient         Offset
1     EOGI        1                0.1 µV             10             1000              Off                0                 
2     EOGd        2                0.1 µV             10             1000              Off                0                 
3     F3          3                0.1 µV             10             1000              Off                0                 
4     F4          4                0.1 µV             10             1000              Off                0                 
5     C3          5                0.1 µV             10             1000              Off                0                 
6     C4          6                0.1 µV             10             1000              Off                0                 
7     P3          7                0.1 µV             10             1000              Off                0                 
8     P4          8                0.1 µV             10             1000              Off                0                 
9     EMGi        9                0.1 µV             10             1000              Off                0                 
10    EMGd        10               0.1 µV             10             1000              Off                0                 

S o f t w a r e  F i l t e r s
==============================
#     Low Cutoff [s]   High Cutoff [Hz]   Notch [Hz]
1      1.06103          10                 50
2      1.06103          10                 50
3      1.06103          35                 50
4      1.06103          35                 50
5      1.06103          35                 50
6      1.06103          35                 50
7      1.06103          35                 50
8      1.06103          35                 50
9      1.06103          90                 50
10     1.06103          90                 50


Data Electrodes Selected Impedance Measurement Range: 0 - 10 kOhm
Ground Electrode Selected Impedance Measurement Range: 0 - 10 kOhm
Reference Electrode Selected Impedance Measurement Range: 0 - 10 kOhm
Impedance [kOhm] at 16:07:54 :
EOGI:         6
EOGd:         4
F3:           8
F4:           7
C3:           5
C4:           5
P3:           7
P4:           6
EMGi:         5
EMGd:         5
Ref:          3
Gnd:          4
